PATH
  remote: .
  specs:
    yield_farmer (0.1.0)
      artii
      colorize
      nokogiri
      terminal-table

GEM
  remote: https://rubygems.org/
  specs:
    artii (2.1.2)
    coderay (1.1.3)
    colorize (0.8.1)
    gem-release (2.1.1)
    method_source (1.0.0)
    mini_portile2 (2.4.0)
    nokogiri (1.10.10)
      mini_portile2 (~> 2.4.0)
    pry (0.13.1)
      coderay (~> 1.1)
      method_source (~> 1.0)
    rake (12.3.3)
    terminal-table (1.8.0)
      unicode-display_width (~> 1.1, >= 1.1.1)
    unicode-display_width (1.7.0)

PLATFORMS
  ruby

DEPENDENCIES
  bundler
  gem-release
  pry
  rake
  yield_farmer!

BUNDLED WITH
   2.1.2
